GIT
  remote: https://github.com/kwatson/sdoc.git
  revision: 66ef799296ed85b75d52e009f28541f24af1b6c9
  ref: 66ef799
  specs:
    sdoc (1.0.0)
      rdoc (>= 5.0)

PATH
  remote: .
  specs:
    autodns (2.1.1)
      httparty (~> 0.17)

GEM
  remote: https://rubygems.org/
  specs:
    coderay (1.1.2)
    httparty (0.17.1)
      mime-types (~> 3.0)
      multi_xml (>= 0.5.2)
    method_source (0.9.2)
    mime-types (3.3)
      mime-types-data (~> 3.2015)
    mime-types-data (3.2019.1009)
    multi_xml (0.6.0)
    pry (0.12.2)
      coderay (~> 1.1.0)
      method_source (~> 0.9.0)
    rake (12.3.3)
    rdoc (6.2.0)

PLATFORMS
  ruby

DEPENDENCIES
  autodns!
  pry
  rake (~> 12.3)
  rdoc (~> 6.2)
  sdoc!

BUNDLED WITH
   2.0.2
